GEM
  remote: https://rubygems.org/
  specs:
    hashwithindifferentaccess (0.1.1)
    httparty (0.15.5)
      multi_xml (>= 0.5.2)
    multi_xml (0.6.0)
    nitlink (1.0.0)
      hashwithindifferentaccess (~> 0.1.1)

PLATFORMS
  ruby

DEPENDENCIES
  httparty
  nitlink

RUBY VERSION
   ruby 2.3.4p301

BUNDLED WITH
   1.15.3
